GEM
  remote: http://rubygems.org/
  specs:
    activemodel (3.0.7)
      activesupport (= 3.0.7)
      builder (~> 2.1.2)
      i18n (~> 0.5.0)
    activerecord (3.0.7)
      activemodel (= 3.0.7)
      activesupport (= 3.0.7)
      arel (~> 2.0.2)
      tzinfo (~> 0.3.23)
    activerecord-jdbc-adapter (1.1.1)
    activesupport (3.0.7)
    arel (2.0.10)
    builder (2.1.2)
    chronic (0.3.0)
    columnize (0.3.2)
    delorean (0.2.1)
      chronic
    factory_girl (1.3.3)
    git (1.2.5)
    i18n (0.5.0)
    jdbc-mysql (5.1.13)
    jeweler (1.6.0)
      bundler (~> 1.0.0)
      git (>= 1.2.5)
      rake
    rake (0.8.7)
    ruby-debug (0.10.4)
      columnize (>= 0.1)
      ruby-debug-base (~> 0.10.4.0)
    ruby-debug-base (0.10.4-java)
    tzinfo (0.3.27)

PLATFORMS
  java

DEPENDENCIES
  activerecord (~> 3.0.0)
  activerecord-jdbc-adapter
  delorean (~> 0.2.0)
  factory_girl (~> 1.3.3)
  jdbc-mysql
  jeweler (>= 1.4.0)
  mysql (~> 2.8.1)
  mysql2 (~> 0.2.4)
  pg (~> 0.9.0)
  rake (= 0.8.7)
  ruby-debug
  ruby-debug19
  sqlite3-ruby (~> 1.3.1)
